GEM
  remote: https://rubygems.org/
  specs:
    highline (2.0.3)
    oktags (0.1.3)

PLATFORMS
  ruby

DEPENDENCIES
  highline!
  oktags (= 0.1.3)!

BUNDLED WITH
   2.1.4
