GEM
  remote: https://rubygems.org/
  specs:
    highline (2.0.3)
    oktags (0.2.2)

PLATFORMS
  ruby

DEPENDENCIES
  highline!
  oktags (= 0.2.2)!

BUNDLED WITH
   2.1.4
